PATH
  remote: .
  specs:
    csv_bank_statement (0.2.0)
      acsv
      csv
      czech_bank_account

GEM
  remote: https://rubygems.org/
  specs:
    acsv (0.0.1)
    coderay (1.1.3)
    csv (3.2.3)
    czech_bank_account (1.0.0)
    method_source (1.0.0)
    minitest (5.15.0)
    pry (0.14.1)
      coderay (~> 1.1)
      method_source (~> 1.0)
    rake (13.0.6)

PLATFORMS
  x86_64-linux

DEPENDENCIES
  csv_bank_statement!
  minitest
  pry
  rake (~> 13.0)

BUNDLED WITH
   2.2.32
